PATH
  remote: .
  specs:
    classify (0.1.1)
      hashie

GEM
  remote: https://rubygems.org/
  specs:
    hashie (3.3.1)
    rake (10.3.2)

PLATFORMS
  ruby

DEPENDENCIES
  bundler (~> 1.3)
  classify!
  rake
